GEM
  remote: http://rubygems.org/
  specs:
    activerecord (2.3.12)
      activesupport (= 2.3.12)
    activesupport (2.3.12)
    archive-tar-minitar (0.5.2)
    columnize (0.3.4)
    git (1.2.5)
    jeweler (1.6.4)
      bundler (~> 1.0)
      git (>= 1.2.5)
      rake
    linecache19 (0.5.12)
      ruby_core_source (>= 0.1.4)
    rake (0.9.2)
    rspec (1.3.1)
    ruby-debug-base19 (0.11.25)
      columnize (>= 0.3.1)
      linecache19 (>= 0.5.11)
      ruby_core_source (>= 0.1.4)
    ruby-debug19 (0.11.6)
      columnize (>= 0.3.1)
      linecache19 (>= 0.5.11)
      ruby-debug-base19 (>= 0.11.19)
    ruby_core_source (0.1.5)
      archive-tar-minitar (>= 0.5.2)
    sqlite3 (1.3.4)

PLATFORMS
  ruby

DEPENDENCIES
  activerecord (~> 2.3.12)
  jeweler
  rspec (= 1.3.1)
  ruby-debug19
  sqlite3
